GEM
  remote: https://rubygems.org/
  specs:
    puma (3.7.0)
    rack (1.6.5)
    rack-protection (1.5.3)
      rack
    sequel (4.43.0)
    sinatra (1.4.8)
      rack (~> 1.5)
      rack-protection (~> 1.4)
      tilt (>= 1.3, < 3)
    sinatra-sequel (0.9.0)
      sequel (>= 3.2.0)
      sinatra (>= 0.9.4)
    sqlite3 (1.3.13)
    tilt (2.0.6)

PLATFORMS
  ruby

DEPENDENCIES
  puma
  sinatra
  sinatra-sequel
  sqlite3

BUNDLED WITH
   1.14.6
