GEM
  remote: https://rubygems.org/
  specs:
    activesupport (5.2.0)
      concurrent-ruby (~> 1.0, >= 1.0.2)
      i18n (>= 0.7, < 2)
      minitest (~> 5.1)
      tzinfo (~> 1.1)
    aes_key_wrap (1.0.1)
    bindata (2.4.3)
    concurrent-ruby (1.0.5)
    dotenv (2.2.1)
    i18n (1.0.1)
      concurrent-ruby (~> 1.0)
    json-jwt (1.9.4)
      activesupport
      aes_key_wrap
      bindata
    keratin-authn (1.0.1)
      json-jwt (!= 1.8.0)
      lru_redux
    lru_redux (1.1.0)
    mailgun (0.11)
    minitest (5.11.3)
    puma (3.7.0)
    rack (1.6.5)
    rack-protection (1.5.3)
      rack
    sequel (4.43.0)
    sinatra (1.4.8)
      rack (~> 1.5)
      rack-protection (~> 1.4)
      tilt (>= 1.3, < 3)
    sinatra-sequel (0.9.0)
      sequel (>= 3.2.0)
      sinatra (>= 0.9.4)
    sqlite3 (1.3.13)
    thread_safe (0.3.6)
    tilt (2.0.6)
    tzinfo (1.2.5)
      thread_safe (~> 0.1)

PLATFORMS
  ruby

DEPENDENCIES
  dotenv
  keratin-authn
  mailgun
  puma
  sinatra
  sinatra-sequel
  sqlite3

BUNDLED WITH
   1.16.0
