GEM
  remote: https://rubygems.org/
  specs:
    activesupport (5.1.4)
      concurrent-ruby (~> 1.0, >= 1.0.2)
      i18n (~> 0.7)
      minitest (~> 5.1)
      tzinfo (~> 1.1)
    bindata (2.4.1)
    concurrent-ruby (1.0.5)
    i18n (0.9.1)
      concurrent-ruby (~> 1.0)
    json-jwt (1.8.0)
      activesupport
      bindata
      securecompare
      url_safe_base64
    keratin-authn (0.6.1)
      json-jwt
      lru_redux
    lru_redux (1.1.0)
    minitest (5.10.3)
    puma (3.7.0)
    rack (1.6.5)
    rack-protection (1.5.3)
      rack
    securecompare (1.0.0)
    sequel (4.43.0)
    sinatra (1.4.8)
      rack (~> 1.5)
      rack-protection (~> 1.4)
      tilt (>= 1.3, < 3)
    sinatra-sequel (0.9.0)
      sequel (>= 3.2.0)
      sinatra (>= 0.9.4)
    sqlite3 (1.3.13)
    thread_safe (0.3.6)
    tilt (2.0.6)
    tzinfo (1.2.4)
      thread_safe (~> 0.1)
    url_safe_base64 (0.2.2)

PLATFORMS
  ruby

DEPENDENCIES
  keratin-authn
  puma
  sinatra
  sinatra-sequel
  sqlite3

BUNDLED WITH
   1.16.0
